PATH
  remote: .
  specs:
    spree_outlet (0.1.0)
      barber
      jquery-rails
      rails (~> 3.2.8)
      spree (~> 2.0.0)

GEM
  remote: http://rubygems.org/
  specs:
    actionmailer (3.2.13)
      actionpack (= 3.2.13)
      mail (~> 2.5.3)
    actionpack (3.2.13)
      activemodel (= 3.2.13)
      activesupport (= 3.2.13)
      builder (~> 3.0.0)
      erubis (~> 2.7.0)
      journey (~> 1.0.4)
      rack (~> 1.4.5)
      rack-cache (~> 1.2)
      rack-test (~> 0.6.1)
      sprockets (~> 2.2.1)
    active_utils (1.0.5)
      activesupport (>= 2.3.11)
      i18n
    activemerchant (1.33.0)
      active_utils (>= 1.0.2)
      activesupport (>= 2.3.14)
      builder (>= 2.0.0)
      i18n
      json (>= 1.5.1)
      money
      nokogiri
    activemodel (3.2.13)
      activesupport (= 3.2.13)
      builder (~> 3.0.0)
    activerecord (3.2.13)
      activemodel (= 3.2.13)
      activesupport (= 3.2.13)
      arel (~> 3.0.2)
      tzinfo (~> 0.3.29)
    activeresource (3.2.13)
      activemodel (= 3.2.13)
      activesupport (= 3.2.13)
    activesupport (3.2.13)
      i18n (= 0.6.1)
      multi_json (~> 1.0)
    acts_as_list (0.2.0)
      activerecord (>= 3.0)
    arel (3.0.2)
    awesome_nested_set (2.1.5)
      activerecord (>= 3.0.0)
    aws-sdk (1.3.9)
      httparty (~> 0.7)
      json (~> 1.4)
      nokogiri (>= 1.4.4)
      uuidtools (~> 2.1)
    barber (0.4.0)
      ember-template-compiler-source
      execjs
      handlebars-source
    builder (3.0.4)
    cancan (1.6.8)
    capybara (2.1.0)
      mime-types (>= 1.16)
      nokogiri (>= 1.3.3)
      rack (>= 1.0.0)
      rack-test (>= 0.5.4)
      xpath (~> 2.0)
    climate_control (0.0.3)
      activesupport (>= 3.0)
    cocaine (0.5.1)
      climate_control (>= 0.0.3, < 1.0)
    coffee-rails (3.2.2)
      coffee-script (>= 2.2.0)
      railties (~> 3.2.0)
    coffee-script (2.2.0)
      coffee-script-source
      execjs
    coffee-script-source (1.6.2)
    deface (0.9.1)
      nokogiri (~> 1.5.0)
      rails (~> 3.1)
    diff-lcs (1.2.4)
    ember-template-compiler-source (1.0.0.pre4.4)
      handlebars-source (>= 1.0.0.rc2)
    erubis (2.7.0)
    eventmachine (1.0.3)
    execjs (1.4.0)
      multi_json (~> 1.0)
    faye-websocket (0.4.7)
      eventmachine (>= 0.12.0)
    ffaker (1.16.1)
    handlebars-source (1.0.9)
    highline (1.6.18)
    hike (1.2.3)
    http_parser.rb (0.5.3)
    httparty (0.11.0)
      multi_json (~> 1.0)
      multi_xml (>= 0.5.2)
    i18n (0.6.1)
    journey (1.0.4)
    jquery-rails (2.2.2)
      railties (>= 3.0, < 5.0)
      thor (>= 0.14, < 2.0)
    json (1.8.0)
    kaminari (0.13.0)
      actionpack (>= 3.0.0)
      activesupport (>= 3.0.0)
      railties (>= 3.0.0)
    mail (2.5.4)
      mime-types (~> 1.16)
      treetop (~> 1.4.8)
    mime-types (1.23)
    money (5.1.1)
      i18n (~> 0.6.0)
    multi_json (1.7.6)
    multi_xml (0.5.4)
    nokogiri (1.5.9)
    paperclip (3.4.2)
      activemodel (>= 3.0.0)
      activerecord (>= 3.0.0)
      activesupport (>= 3.0.0)
      cocaine (~> 0.5.0)
      mime-types
    phantomjs (1.8.1.1)
      poltergeist
    poltergeist (1.3.0)
      capybara (~> 2.1.0)
      faye-websocket (>= 0.4.4, < 0.5.0)
      http_parser.rb (~> 0.5.3)
    polyamorous (0.5.0)
      activerecord (~> 3.0)
    polyglot (0.3.3)
    rabl (0.8.4)
      activesupport (>= 2.3.14)
    rack (1.4.5)
    rack-cache (1.2)
      rack (>= 0.4)
    rack-ssl (1.3.3)
      rack
    rack-test (0.6.2)
      rack (>= 1.0)
    rails (3.2.13)
      actionmailer (= 3.2.13)
      actionpack (= 3.2.13)
      activerecord (= 3.2.13)
      activeresource (= 3.2.13)
      activesupport (= 3.2.13)
      bundler (~> 1.0)
      railties (= 3.2.13)
    railties (3.2.13)
      actionpack (= 3.2.13)
      activesupport (= 3.2.13)
      rack-ssl (~> 1.3.2)
      rake (>= 0.8.7)
      rdoc (~> 3.4)
      thor (>= 0.14.6, < 2.0)
    rake (10.0.4)
    ransack (0.7.2)
      actionpack (~> 3.0)
      activerecord (~> 3.0)
      polyamorous (~> 0.5.0)
    rdoc (3.12.2)
      json (~> 1.4)
    rspec-core (2.13.1)
    rspec-expectations (2.13.0)
      diff-lcs (>= 1.1.3, < 2.0)
    rspec-mocks (2.13.1)
    rspec-rails (2.13.2)
      actionpack (>= 3.0)
      activesupport (>= 3.0)
      railties (>= 3.0)
      rspec-core (~> 2.13.0)
      rspec-expectations (~> 2.13.0)
      rspec-mocks (~> 2.13.0)
    select2-rails (3.2.1)
      thor (~> 0.14)
    spree (2.0.1)
      spree_api (= 2.0.1)
      spree_backend (= 2.0.1)
      spree_cmd (= 2.0.1)
      spree_core (= 2.0.1)
      spree_dash (= 2.0.1)
      spree_frontend (= 2.0.1)
      spree_sample (= 2.0.1)
    spree_api (2.0.1)
      rabl (= 0.8.4)
      spree_core (= 2.0.1)
      versioncake (= 1.0.0)
    spree_backend (2.0.1)
      deface (>= 0.9.0)
      jquery-rails (~> 2.0)
      rails (~> 3.2.8)
      select2-rails (= 3.2.1)
      spree_api (= 2.0.1)
      spree_core (= 2.0.1)
    spree_cmd (2.0.1)
      thor (>= 0.14.6)
    spree_core (2.0.1)
      activemerchant (~> 1.31)
      acts_as_list (= 0.2.0)
      awesome_nested_set (= 2.1.5)
      aws-sdk (~> 1.3.4)
      cancan (= 1.6.8)
      deface (>= 0.9.0)
      ffaker (~> 1.16.1)
      highline (= 1.6.18)
      httparty (~> 0.11)
      json (>= 1.7.7)
      kaminari (= 0.13.0)
      money (= 5.1.1)
      paperclip (~> 3.4.1)
      rails (~> 3.2.13)
      ransack (= 0.7.2)
      state_machine (= 1.2.0)
      stringex (~> 1.5.1)
      truncate_html (= 0.9.2)
    spree_dash (2.0.1)
      httparty (~> 0.11.0)
      spree_backend (= 2.0.1)
      spree_frontend (= 2.0.1)
    spree_frontend (2.0.1)
      deface (>= 0.9.0)
      jquery-rails (~> 2.2.1)
      rails (~> 3.2.13)
      select2-rails (= 3.2.1)
      spree_api (= 2.0.1)
      spree_core (= 2.0.1)
      stringex (~> 1.5.1)
    spree_sample (2.0.1)
      spree_core (= 2.0.1)
    sprockets (2.2.2)
      hike (~> 1.2)
      multi_json (~> 1.0)
      rack (~> 1.0)
      tilt (~> 1.1, != 1.3.0)
    sqlite3 (1.3.7)
    state_machine (1.2.0)
    stringex (1.5.1)
    teabag (0.7.2)
      phantomjs (>= 1.8.1.1)
      railties (>= 3.2.5, < 5)
    thor (0.18.1)
    tilt (1.4.1)
    treetop (1.4.14)
      polyglot
      polyglot (>= 0.3.1)
    truncate_html (0.9.2)
    tzinfo (0.3.37)
    uuidtools (2.1.4)
    versioncake (1.0.0)
      actionpack (>= 3.0)
      activesupport (>= 3.0)
      railties (>= 3.0)
    xpath (2.0.0)
      nokogiri (~> 1.3)

PLATFORMS
  ruby

DEPENDENCIES
  coffee-rails
  jquery-rails
  rspec-rails
  spree_outlet!
  sqlite3
  teabag
